GEM
  remote: https://rubygems.org/
  specs:
    colorize (0.7.3)
    hashie (3.3.1)
    net-scp (1.2.1)
      net-ssh (>= 2.6.5)
    net-ssh (2.9.1)

PLATFORMS
  ruby

DEPENDENCIES
  colorize
  hashie
  net-scp
  net-ssh
